GEM
  remote: http://rubygems.org/
  specs:
    magician (0.2.0)

PLATFORMS
  ruby

DEPENDENCIES
  bundler
  magician
